GEM
  remote: http://rubygems.org/
  specs:
    builder (3.2.0)
    childprocess (0.3.9)
      ffi (~> 1.0, >= 1.0.11)
    clik (0.1.0)
    colored (1.2)
    cucumber (1.2.3)
      builder (>= 2.1.2)
      diff-lcs (>= 1.1.3)
      gherkin (~> 2.11.6)
      multi_json (~> 1.3)
    cukesparse (1.0.0)
      clik
      colored
    diff-lcs (1.2.2)
    ffi (1.6.0)
    gherkin (2.11.6)
      json (>= 1.7.6)
    json (1.7.7)
    multi_json (1.7.2)
    nokogiri (1.5.9)
    rake (0.9.2.2)
    require_all (1.2.1)
    rubyzip (0.9.9)
    selenium-webdriver (2.31.0)
      childprocess (>= 0.2.5)
      multi_json (~> 1.0)
      rubyzip
      websocket (~> 1.0.4)
    websocket (1.0.7)
    xml-simple (1.1.2)
    yard (0.8.5.2)

PLATFORMS
  ruby

DEPENDENCIES
  bundler
  cucumber
  cukesparse
  ffi
  nokogiri
  rake
  require_all
  selenium-webdriver
  xml-simple
  yard
