GEM
  remote: http://rubygems.org/
  specs:
    addressable (2.3.2)
    builder (3.0.0)
    childprocess (0.3.4)
      ffi (~> 1.0, >= 1.0.6)
    cucumber (1.2.1)
      builder (>= 2.1.2)
      diff-lcs (>= 1.1.3)
      gherkin (~> 2.11.0)
      json (>= 1.4.6)
    diff-lcs (1.1.3)
    ffi (1.0.9)
    gherkin (2.11.1)
      json (>= 1.4.6)
    json (1.7.4)
    libwebsocket (0.1.5)
      addressable
    multi_json (1.3.6)
    nokogiri (1.5.5)
    rake (0.9.2.2)
    require_all (1.2.1)
    rubyzip (0.9.9)
    selenium-webdriver (2.25.0)
      childprocess (>= 0.2.5)
      libwebsocket (~> 0.1.3)
      multi_json (~> 1.0)
      rubyzip
    xml-simple (1.1.1)
    yard (0.8.2.1)

PLATFORMS
  ruby

DEPENDENCIES
  bundler
  cucumber
  ffi (= 1.0.9)
  nokogiri
  rake
  require_all
  selenium-webdriver
  xml-simple
  yard
