GEM
  remote: http://rubygems.org/
  specs:
    builder (3.2.0)
    childprocess (0.3.9)
      ffi (~> 1.0, >= 1.0.11)
    clik (0.1.0)
    colored (1.2)
    cucumber (1.2.5)
      builder (>= 2.1.2)
      diff-lcs (>= 1.1.3)
      gherkin (~> 2.11.7)
      multi_json (~> 1.3)
    cukesparse (1.0.8)
      clik (~> 0.1.0)
      colored (~> 1.2)
      cucumber (~> 1.2.5)
    diff-lcs (1.2.4)
    ffi (1.7.0)
    gherkin (2.11.8)
      multi_json (~> 1.3)
    multi_json (1.7.2)
    nokogiri (1.5.9)
    rake (10.0.4)
    require_all (1.2.1)
    rubyzip (0.9.9)
    selenium-webdriver (2.32.1)
      childprocess (>= 0.2.5)
      multi_json (~> 1.0)
      rubyzip
      websocket (~> 1.0.4)
    websocket (1.0.7)
    xml-simple (1.1.2)
    yard (0.8.6.1)

PLATFORMS
  ruby

DEPENDENCIES
  bundler
  cucumber
  cukesparse
  ffi
  nokogiri
  rake
  require_all
  selenium-webdriver
  xml-simple
  yard
