GEM
  remote: http://rubygems.org/
  specs:
    builder (3.2.2)
    childprocess (0.3.9)
      ffi (~> 1.0, >= 1.0.11)
    clik (0.1.0)
    coderay (1.0.9)
    colored (1.2)
    cucumber (1.3.8)
      builder (>= 2.1.2)
      diff-lcs (>= 1.1.3)
      gherkin (~> 2.12.1)
      multi_json (>= 1.7.5, < 2.0)
      multi_test (>= 0.0.2)
    cukesparse (2.1.1)
      clik (~> 0.1.0)
      colored (~> 1.2)
      cucumber (~> 1.3.2)
    diff-lcs (1.2.4)
    ffi (1.9.0)
    gherkin (2.12.1)
      multi_json (~> 1.3)
    method_source (0.8.2)
    mini_portile (0.5.1)
    multi_json (1.8.0)
    multi_test (0.0.2)
    nokogiri (1.6.0)
      mini_portile (~> 0.5.0)
    pry (0.9.12.2)
      coderay (~> 1.0.5)
      method_source (~> 0.8)
      slop (~> 3.4)
    rake (10.1.0)
    require_all (1.3.0)
    rubyzip (0.9.9)
    selenium-webdriver (2.35.1)
      childprocess (>= 0.2.5)
      multi_json (~> 1.0)
      rubyzip (< 1.0.0)
      websocket (~> 1.0.4)
    slop (3.4.6)
    websocket (1.0.7)
    xml-simple (1.1.2)
    yard (0.8.7.1)

PLATFORMS
  ruby

DEPENDENCIES
  bundler
  cucumber
  cukesparse
  ffi
  nokogiri
  pry
  rake
  require_all
  selenium-webdriver
  xml-simple
  yard
