GEM
  remote: http://rubygems.org/
  specs:
    brake (0.3.7)
      rake (= 0.9.2.2)
    builder (3.1.4)
    childprocess (0.3.8)
      ffi (~> 1.0, >= 1.0.11)
    cucumber (1.2.1)
      builder (>= 2.1.2)
      diff-lcs (>= 1.1.3)
      gherkin (~> 2.11.0)
      json (>= 1.4.6)
    diff-lcs (1.2.1)
    ffi (1.4.0)
    gherkin (2.11.6)
      json (>= 1.7.6)
    json (1.7.7)
    multi_json (1.6.1)
    nokogiri (1.5.6)
    rake (0.9.2.2)
    require_all (1.2.1)
    rubyzip (0.9.9)
    selenium-webdriver (2.30.0)
      childprocess (>= 0.2.5)
      multi_json (~> 1.0)
      rubyzip
      websocket (~> 1.0.4)
    websocket (1.0.7)
    xml-simple (1.1.2)
    yard (0.8.4.1)

PLATFORMS
  ruby

DEPENDENCIES
  brake
  bundler
  cucumber
  ffi
  nokogiri
  rake
  require_all
  selenium-webdriver
  xml-simple
  yard
